GEM
  remote: https://rubygems.org/
  specs:
    rack (2.2.2)
    rack-ssl (1.4.1)
      rack

PLATFORMS
  ruby

DEPENDENCIES
  rack
  rack-ssl

BUNDLED WITH
   1.16.4
